GEM
  remote: https://rubygems.org/
  specs:
    rack (1.6.4)
    rack-protection (1.5.3)
      rack
    sinatra (1.4.7)
      rack (~> 1.5)
      rack-protection (~> 1.4)
      tilt (>= 1.3, < 3)
    tilt (2.0.2)
    trollop (2.1.2)
    weaver (0.2.2)
      sinatra
      trollop

PLATFORMS
  ruby

DEPENDENCIES
  weaver (= 0.2.2)

BUNDLED WITH
   1.11.2
